GEM
  remote: https://rubygems.org/
  specs:
    base64 (0.1.1)
    bech32 (1.3.0)
      thor (>= 1.1.0)
    bip-schnorr (0.4.0)
      ecdsa (~> 1.2.0)
    cowsay (0.3.0)
    discordrb (3.4.0)
      discordrb-webhooks (~> 3.3.0)
      ffi (>= 1.9.24)
      opus-ruby
      rest-client (>= 2.0.0)
      websocket-client-simple (>= 0.3.0)
    discordrb-webhooks (3.3.0)
      rest-client (>= 2.1.0.rc1)
    domain_name (0.5.20190701)
      unf (>= 0.0.5, < 1.0.0)
    dotenv (2.8.1)
    ecdsa (1.2.0)
    event_emitter (0.2.6)
    ffi (1.15.5)
    http-accept (1.7.0)
    http-cookie (1.0.5)
      domain_name (~> 0.5)
    httparty (0.21.0)
      mini_mime (>= 1.0.0)
      multi_xml (>= 0.5.2)
    json (2.6.3)
    mime-types (3.4.1)
      mime-types-data (~> 3.2015)
    mime-types-data (3.2023.0218.1)
    mini_mime (1.1.2)
    multi_xml (0.6.0)
    mustermann (3.0.0)
      ruby2_keywords (~> 0.0.1)
    netrc (0.11.0)
    nostr_ruby (0.1.3)
      base64 (~> 0.1.1)
      bech32 (~> 1.3.0)
      bip-schnorr (~> 0.4.0)
      json (~> 2.6.2)
      unicode-emoji (~> 3.3.1)
      websocket-client-simple (~> 0.6.0)
    opus-ruby (1.0.1)
      ffi
    rack (2.2.6.4)
    rack-protection (3.0.5)
      rack
    rest-client (2.1.0)
      http-accept (>= 1.7.0, < 2.0)
      http-cookie (>= 1.0.2, < 2.0)
      mime-types (>= 1.16, < 4.0)
      netrc (~> 0.8)
    ruby-openai (3.5.0)
      httparty (>= 0.18.1)
    ruby2_keywords (0.0.5)
    sinatra (3.0.5)
      mustermann (~> 3.0)
      rack (~> 2.2, >= 2.2.4)
      rack-protection (= 3.0.5)
      tilt (~> 2.0)
    thor (1.2.1)
    tilt (2.1.0)
    unf (0.1.4)
      unf_ext
    unf_ext (0.0.8.2)
    unicode-emoji (3.3.1)
      unicode-version (~> 1.0)
    unicode-version (1.3.0)
    websocket (1.2.9)
    websocket-client-simple (0.6.1)
      event_emitter
      websocket

PLATFORMS
  x86_64-linux

DEPENDENCIES
  cowsay (~> 0.3.0)
  discordrb
  dotenv
  nostr_ruby
  ruby-openai
  sinatra

RUBY VERSION
   ruby 3.2.1p31

BUNDLED WITH
   2.4.7
